PATH
  remote: .
  specs:
    week_of_month (1.2.3.4)

GEM
  remote: https://rubygems.org/
  specs:
    power_assert (0.2.2)
    rake (10.4.2)
    test-unit (3.0.8)
      power_assert

PLATFORMS
  ruby

DEPENDENCIES
  bundler (>= 1.0)
  rake (>= 10.1.0)
  test-unit
  week_of_month!
