PATH
  remote: .
  specs:
    week_of_month (1.2.3.1)

GEM
  remote: https://rubygems.org/
  specs:
    rake (10.1.0)

PLATFORMS
  ruby

DEPENDENCIES
  rake (>= 10.1.0)
  week_of_month!
