PATH
  remote: .
  specs:
    week_of_month (1.2.3.4)

GEM
  remote: https://rubygems.org/
  specs:
    byebug (4.0.5)
      columnize (= 0.9.0)
    columnize (0.9.0)
    power_assert (0.4.1)
    rake (12.0.0)
    redcarpet (3.2.3)
    test-unit (3.2.3)
      power_assert
    yard (0.8.7.6)

PLATFORMS
  ruby

DEPENDENCIES
  bundler (>= 1.15.0)
  byebug
  rake (>= 12.0.0)
  redcarpet
  test-unit (>= 3.2.3)
  week_of_month!
  yard

BUNDLED WITH
   1.15.0
